GEM
  remote: https://rubygems.org/
  specs:
    dotenv (0.7.0)
    faraday (0.8.8)
      multipart-post (~> 1.2.0)
    foreman (0.63.0)
      dotenv (>= 0.7)
      thor (>= 0.13.6)
    json (1.8.0)
    multi_json (1.7.8)
    multipart-post (1.2.0)
    panda (1.6.0)
      faraday (>= 0.7.0)
      multi_json (>= 1.3.2)
      ruby-hmac (>= 0.3.2)
    puma (2.5.0)
      rack (>= 1.1, < 2.0)
    rack (1.5.2)
    rack-protection (1.5.0)
      rack
    rethinkdb (1.7.0.0)
      json
      ruby-protocol-buffers
    ruby-hmac (0.4.0)
    ruby-protocol-buffers (1.4.1)
    sinatra (1.4.3)
      rack (~> 1.4)
      rack-protection (~> 1.4)
      tilt (~> 1.3, >= 1.3.4)
    thor (0.18.1)
    tilt (1.4.1)

PLATFORMS
  ruby

DEPENDENCIES
  foreman
  panda
  puma
  rethinkdb
  sinatra
